PATH
  remote: .
  specs:
    active-record-query-count (0.1.9)
      activesupport (>= 5.0, < 8.0)
      colorize (>= 1.1, < 2)
      launchy (>= 3.0, < 4)
      nokogiri (>= 1.16.5, < 2)

GEM
  remote: https://rubygems.org/
  specs:
    activemodel (6.1.7.8)
      activesupport (= 6.1.7.8)
    activerecord (6.1.7.8)
      activemodel (= 6.1.7.8)
      activesupport (= 6.1.7.8)
    activesupport (6.1.7.8)
      concurrent-ruby (~> 1.0, >= 1.0.2)
      i18n (>= 1.6, < 2)
      minitest (>= 5.1)
      tzinfo (~> 2.0)
      zeitwerk (~> 2.3)
    addressable (2.8.7)
      public_suffix (>= 2.0.2, < 7.0)
    ast (2.4.2)
    byebug (11.1.3)
    childprocess (5.0.0)
    coderay (1.1.3)
    colorize (1.1.0)
    concurrent-ruby (1.3.3)
    i18n (1.14.5)
      concurrent-ruby (~> 1.0)
    json (2.7.2)
    language_server-protocol (3.17.0.3)
    launchy (3.0.1)
      addressable (~> 2.8)
      childprocess (~> 5.0)
    logger (1.6.0)
    method_source (1.1.0)
    minitest (5.24.1)
    mocha (2.4.0)
      ruby2_keywords (>= 0.0.5)
    nokogiri (1.18.3-x86_64-linux-gnu)
      racc (~> 1.4)
    parallel (1.25.1)
    parser (3.3.4.0)
      ast (~> 2.4.1)
      racc
    prism (0.30.0)
    pry (0.14.2)
      coderay (~> 1.1)
      method_source (~> 1.0)
    pry-byebug (3.10.1)
      byebug (~> 11.0)
      pry (>= 0.13, < 0.15)
    public_suffix (6.0.0)
    racc (1.8.0)
    rainbow (3.1.1)
    rake (13.2.1)
    rbs (3.5.2)
      logger
    regexp_parser (2.9.2)
    rexml (3.3.1)
      strscan
    rubocop (1.65.0)
      json (~> 2.3)
      language_server-protocol (>= 3.17.0)
      parallel (~> 1.10)
      parser (>= 3.3.0.2)
      rainbow (>= 2.2.2, < 4.0)
      regexp_parser (>= 2.4, < 3.0)
      rexml (>= 3.2.5, < 4.0)
      rubocop-ast (>= 1.31.1, < 2.0)
      ruby-progressbar (~> 1.7)
      unicode-display_width (>= 2.4.0, < 3.0)
    rubocop-ast (1.31.3)
      parser (>= 3.3.1.0)
    ruby-lsp (0.17.6)
      language_server-protocol (~> 3.17.0)
      prism (>= 0.29.0, < 0.31)
      rbs (>= 3, < 4)
      sorbet-runtime (>= 0.5.10782)
    ruby-progressbar (1.13.0)
    ruby2_keywords (0.0.5)
    shoulda-context (3.0.0.rc1)
    shoulda-matchers (6.2.0)
      activesupport (>= 5.2.0)
    sorbet-runtime (0.5.11478)
    sqlite3 (1.7.3-x86_64-linux)
    strscan (3.1.0)
    tzinfo (2.0.6)
      concurrent-ruby (~> 1.0)
    unicode-display_width (2.5.0)
    zeitwerk (2.6.16)

PLATFORMS
  x86_64-linux

DEPENDENCIES
  active-record-query-count!
  activerecord (>= 5.0, < 8.0)
  minitest
  mocha
  pry-byebug
  rake
  rubocop
  ruby-lsp
  shoulda-context (~> 3.0.0.rc1)
  shoulda-matchers (~> 6.0)
  sqlite3 (~> 1.4)

BUNDLED WITH
   2.4.22
